GEM
  remote: https://rubygems.org/
  specs:
    daemons (1.1.9)
    eventmachine (1.0.4)
    mail (2.6.3)
      mime-types (~> 2.4)
      treetop (~> 1.5.3)
    mime-types (2.4.3)
    polyglot (0.3.5)
    pony (1.11)
      mail (>= 2.6)
    rack (1.6.13)
    rack-protection (1.5.3)
      rack
    shotgun (0.9)
      rack (>= 1.6)
    sinatra (1.4.5)
      rack (~> 1.6)
      rack-protection (~> 1.5)
      tilt (~> 1.4, >= 1.4.1)
    thin (1.6.3)
      daemons (>= 1.1.9)
      eventmachine (>= 1.0.0)
      rack (>= 1.6.0)
    tilt (1.4.1)
    treetop (1.5.3)
      polyglot
      polyglot (>= 0.3.5)

PLATFORMS
  ruby

DEPENDENCIES
  pony
  shotgun
  sinatra
  thin
