GEM
  remote: https://rubygems.org/
  specs:
    daemons (1.1.9)
    eventmachine (1.0.4)
    mail (2.6.3)
      mime-types (~> 2.4)
      treetop (~> 1.5.3)
    mime-types (2.4.3)
    mustermann (2.0.2)
      ruby2_keywords (~> 0.0.1)
    polyglot (0.3.5)
    pony (1.11)
      mail (>= 2.6)
    rack (2.2.7)
    rack-protection (2.2.3)
      rack
    ruby2_keywords (0.0.5)
    shotgun (0.9)
      rack (>= 1.6)
    sinatra (2.2.3)
      mustermann (~> 2.0)
      rack (~> 2.2)
      rack-protection (= 2.2.3)
      tilt (~> 2.0)
    thin (1.6.3)
      daemons (>= 1.1.9)
      eventmachine (>= 1.0.0)
      rack (>= 1.6.0)
    tilt (2.2.0)
    treetop (1.5.3)
      polyglot
      polyglot (>= 0.3.5)

PLATFORMS
  ruby

DEPENDENCIES
  pony
  shotgun
  sinatra
  thin
